GEM
  remote: https://rubygems.org/
  specs:
    chronic (0.2.3)
      hoe (>= 1.2.1)
    coderay (1.1.1)
    gmail (0.6.0)
      gmail_xoauth (>= 0.3.0)
      mail (>= 2.2.1)
    gmail_xoauth (0.4.1)
      oauth (>= 0.3.6)
    hoe (3.15.0)
      rake (>= 0.8, < 12.0)
    mail (2.6.4)
      mime-types (>= 1.16, < 4)
    method_source (0.8.2)
    mime-types (3.0)
      mime-types-data (~> 3.2015)
    mime-types-data (3.2016.0221)
    oauth (0.5.1)
    pry (0.10.3)
      coderay (~> 1.1.0)
      method_source (~> 0.8.1)
      slop (~> 3.4)
    rake (11.1.2)
    slop (3.6.0)
    tickle (1.0.2)
      chronic (~> 0.2.3)

PLATFORMS
  ruby

DEPENDENCIES
  gmail
  pry
  tickle

BUNDLED WITH
   1.11.2
